GEM
  remote: http://rubygems.org/
  specs:
    builder (3.0.0)
    haml (3.0.25)
    hashie (1.0.0)
    rack (1.2.2)
    sinatra (1.2.1)
      rack (~> 1.1)
      tilt (>= 1.2.2, < 2.0)
    tilt (1.2.2)

PLATFORMS
  ruby

DEPENDENCIES
  builder
  haml
  hashie
  sinatra
